GEM
  remote: http://rubygems.org/
  specs:
    hashie (1.1.0)
    json_pure (1.6.1)
    rack (1.3.4)
    rack-protection (1.1.4)
      rack
    sinatra (1.3.1)
      rack (~> 1.3, >= 1.3.4)
      rack-protection (~> 1.1, >= 1.1.2)
      tilt (~> 1.3, >= 1.3.3)
    tilt (1.3.3)
    tropo-webapi-ruby (0.1.11)
      hashie (>= 0.2.0)
      json_pure (>= 1.2.0)

PLATFORMS
  ruby

DEPENDENCIES
  sinatra
  tropo-webapi-ruby
