GEM
  remote: http://rubygems.org/
  specs:
    hashie (1.1.0)
    httparty (0.8.1)
      multi_json
      multi_xml
    json_pure (1.6.1)
    logger (1.2.8)
    multi_json (1.0.3)
    multi_xml (0.4.1)
    rack (1.3.4)
    rack-protection (1.1.4)
      rack
    sinatra (1.3.1)
      rack (~> 1.3, >= 1.3.4)
      rack-protection (~> 1.1, >= 1.1.2)
      tilt (~> 1.3, >= 1.3.3)
    tilt (1.3.3)
    tropo-webapi-ruby (0.1.11)
      hashie (>= 0.2.0)
      json_pure (>= 1.2.0)

PLATFORMS
  ruby

DEPENDENCIES
  httparty
  logger
  sinatra
  tropo-webapi-ruby
